GEM
  remote: http://rubygems.org/
  specs:
    addressable (2.3.2)
    background_process (1.3)
    childprocess (0.3.6)
      ffi (~> 1.0, >= 1.0.6)
    coderay (1.0.8)
    ffi (1.1.5)
    libwebsocket (0.1.5)
      addressable
    method_source (0.8.1)
    multi_json (1.3.6)
    pry (0.9.10)
      coderay (~> 1.0.5)
      method_source (~> 0.8)
      slop (~> 3.3.1)
    rubyzip (0.9.9)
    selenium-webdriver (2.25.0)
      childprocess (>= 0.2.5)
      libwebsocket (~> 0.1.3)
      multi_json (~> 1.0)
      rubyzip
    service_manager (0.6.4)
      background_process (>= 1.2)
      tcpsocket-wait
    slop (3.3.3)
    tcpsocket-wait (1.0.0)

PLATFORMS
  ruby

DEPENDENCIES
  pry
  selenium-webdriver
  service_manager
